PATH
  remote: .
  specs:
    mutations (0.6.0)
      activesupport

GEM
  remote: http://rubygems.org/
  specs:
    activesupport (3.2.8)
      i18n (~> 0.6)
      multi_json (~> 1.0)
    i18n (0.6.1)
    minitest (4.1.0)
    multi_json (1.3.6)
    rake (0.9.2.2)

PLATFORMS
  ruby

DEPENDENCIES
  activesupport
  minitest (~> 4.0)
  mutations!
  rake
